PATH
  remote: .
  specs:
    alatir (0.1.0)
      net-ssh (= 6.1.0)
      winrm (= 2.3.4)

GEM
  remote: https://rubygems.org/
  specs:
    builder (3.2.4)
    erubi (1.9.0)
    ffi (1.13.0)
    gssapi (1.3.0)
      ffi (>= 1.0.1)
    gyoku (1.3.1)
      builder (>= 2.1.2)
    httpclient (2.8.3)
    little-plugger (1.1.4)
    logging (2.2.2)
      little-plugger (~> 1.1)
      multi_json (~> 1.10)
    minitest (5.14.1)
    multi_json (1.14.1)
    net-ssh (6.1.0)
    nori (2.6.0)
    rake (12.3.3)
    rubyntlm (0.6.2)
    winrm (2.3.4)
      builder (>= 2.1.2)
      erubi (~> 1.8)
      gssapi (~> 1.2)
      gyoku (~> 1.0)
      httpclient (~> 2.2, >= 2.2.0.2)
      logging (>= 1.6.1, < 3.0)
      nori (~> 2.0)
      rubyntlm (~> 0.6.0, >= 0.6.1)

PLATFORMS
  ruby

DEPENDENCIES
  alatir!
  minitest (~> 5.0)
  rake (~> 12.0)

BUNDLED WITH
   2.1.4
